PATH
  remote: .
  specs:
    activeadmin-settings (0.3.1)
      carrierwave-mongoid
      mini_magick
      mongoid_globalize
      select2-rails

GEM
  remote: https://rubygems.org/
  specs:
    activemodel (3.2.8)
      activesupport (= 3.2.8)
      builder (~> 3.0.0)
    activesupport (3.2.8)
      i18n (~> 0.6)
      multi_json (~> 1.0)
    bson (1.6.4)
    bson_ext (1.6.4)
      bson (~> 1.6.4)
    builder (3.0.0)
    carrierwave (0.6.2)
      activemodel (>= 3.2.0)
      activesupport (>= 3.2.0)
    carrierwave-mongoid (0.2.1)
      carrierwave (~> 0.6.1)
      mongoid (~> 2.1)
    i18n (0.6.0)
    mini_magick (3.4)
      subexec (~> 0.2.1)
    mongo (1.6.2)
      bson (~> 1.6.2)
    mongoid (2.4.12)
      activemodel (~> 3.1)
      mongo (<= 1.6.2)
      tzinfo (~> 0.3.22)
    mongoid_globalize (0.2.1)
      bson_ext (~> 1.5)
      mongoid (~> 2.4)
    multi_json (1.3.6)
    select2-rails (3.0.0)
      thor (~> 0.14)
    subexec (0.2.2)
    thor (0.15.4)
    tzinfo (0.3.33)

PLATFORMS
  ruby

DEPENDENCIES
  activeadmin-settings!
